GIT
  remote: http://github.com/nbudin/castronaut.git
  revision: 61add645b9e6500a2afe7343ee74a83a06303c15
  branch: dam5s-merge
  specs:
    castronaut (0.7.5)
      activerecord (>= 2.0)
      activesupport (>= 2.0)
      builder (>= 2.0.0)
      crypt-isaac (~> 0.9)
      json (~> 1.5.1)
      sinatra (>= 1.0)

GEM
  remote: http://rubygems.org/
  specs:
    abstract (1.0.0)
    actionmailer (3.0.7)
      actionpack (= 3.0.7)
      mail (~> 2.2.15)
    actionpack (3.0.7)
      activemodel (= 3.0.7)
      activesupport (= 3.0.7)
      builder (~> 2.1.2)
      erubis (~> 2.6.6)
      i18n (~> 0.5.0)
      rack (~> 1.2.1)
      rack-mount (~> 0.6.14)
      rack-test (~> 0.5.7)
      tzinfo (~> 0.3.23)
    activemodel (3.0.7)
      activesupport (= 3.0.7)
      builder (~> 2.1.2)
      i18n (~> 0.5.0)
    activerecord (3.0.7)
      activemodel (= 3.0.7)
      activesupport (= 3.0.7)
      arel (~> 2.0.2)
      tzinfo (~> 0.3.23)
    activeresource (3.0.7)
      activemodel (= 3.0.7)
      activesupport (= 3.0.7)
    activesupport (3.0.7)
    ae_users_migrator (1.0.3)
      activerecord (>= 2.3)
    arel (2.0.10)
    bcrypt-ruby (2.1.4)
    builder (2.1.2)
    cancan (1.2.0)
    capybara (0.3.9)
      culerity (>= 0.2.4)
      mime-types (>= 1.16)
      nokogiri (>= 1.3.3)
      rack (>= 1.0.0)
      rack-test (>= 0.5.4)
      selenium-webdriver (>= 0.0.3)
    configuration (1.1.0)
    crypt-isaac (0.9.1)
    cucumber (0.8.5)
      builder (~> 2.1.2)
      diff-lcs (~> 1.1.2)
      gherkin (~> 2.1.4)
      json_pure (~> 1.4.3)
      term-ansicolor (~> 1.0.4)
    cucumber-rails (0.3.2)
      cucumber (>= 0.8.0)
    culerity (0.2.10)
    devise (1.3.4)
      bcrypt-ruby (~> 2.1.2)
      orm_adapter (~> 0.0.3)
      warden (~> 1.0.3)
    devise_invitable (0.4.2)
      devise (>= 1.2.0, <= 1.4.0)
      rails (~> 3.0.0)
    diff-lcs (1.1.2)
    erubis (2.6.6)
      abstract (>= 1.0.0)
    factory_girl (1.3.3)
    factory_girl_rails (1.0.1)
      factory_girl (~> 1.3)
      railties (>= 3.0.0)
    fast_xs (0.7.3)
    ffi (0.6.3)
      rake (>= 0.8.7)
    gherkin (2.1.5)
      trollop (~> 1.16.2)
    heroku_external_db (1.0.0)
    hoptoad_notifier (2.4.8)
      activesupport
      builder
    i18n (0.5.0)
    jquery-rails (0.2.1)
      rails (~> 3.0.0)
    json (1.5.1)
    json_pure (1.4.6)
    launchy (0.3.7)
      configuration (>= 0.0.5)
      rake (>= 0.8.1)
    mail (2.2.19)
      activesupport (>= 2.3.6)
      i18n (>= 0.4.0)
      mime-types (~> 1.16)
      treetop (~> 1.4.8)
    mime-types (1.16)
    mysql (2.8.1)
    nokogiri (1.4.3.1)
    open4 (0.9.6)
    orm_adapter (0.0.5)
    polyglot (0.3.1)
    rack (1.2.3)
    rack-mount (0.6.14)
      rack (>= 1.0.0)
    rack-test (0.5.7)
      rack (>= 1.0)
    rails (3.0.7)
      actionmailer (= 3.0.7)
      actionpack (= 3.0.7)
      activerecord (= 3.0.7)
      activeresource (= 3.0.7)
      activesupport (= 3.0.7)
      bundler (~> 1.0)
      railties (= 3.0.7)
    railties (3.0.7)
      actionpack (= 3.0.7)
      activesupport (= 3.0.7)
      rake (>= 0.8.7)
      thor (~> 0.14.4)
    rake (0.8.7)
    rake-remote_task (2.0.3)
      open4 (~> 0.9.0)
      rake (~> 0.8.0)
    rubyzip (0.9.4)
    selenium-webdriver (0.0.27)
      ffi (>= 0.6.1)
      json_pure
      rubyzip
    shoulda (2.11.3)
    sinatra (1.2.6)
      rack (~> 1.1)
      tilt (< 2.0, >= 1.2.2)
    sqlite3 (1.3.3)
    term-ansicolor (1.0.5)
    thor (0.14.6)
    tilt (1.3.1)
    treetop (1.4.9)
      polyglot (>= 0.3.1)
    trollop (1.16.2)
    tzinfo (0.3.27)
    vlad (2.2.0)
      open4 (~> 0.9.0)
      rake (~> 0.8.0)
      rake-remote_task (~> 2.0)
    vlad-git (2.2.0)
      vlad (>= 2.1.0)
    warden (1.0.4)
      rack (>= 1.0)
    will_paginate (3.0.pre2)
    xebec (2.6.1)

PLATFORMS
  ruby

DEPENDENCIES
  ae_users_migrator
  cancan (>= 1.1)
  capybara
  castronaut!
  cucumber-rails
  devise (~> 1.3.4)
  devise_invitable (= 0.4.2)
  factory_girl_rails (~> 1.0.1)
  fast_xs
  heroku_external_db
  hoptoad_notifier
  jquery-rails
  launchy
  mail (~> 2.2.15)
  mysql
  rails (~> 3.0.0)
  shoulda (>= 2.10.3)
  sqlite3
  vlad
  vlad-git
  will_paginate (= 3.0.pre2)
  xebec (~> 2.6.1)
